GEM
  remote: http://rubygems.org/
  specs:
    coffee-script (2.2.0)
      coffee-script-source
      execjs
    coffee-script-source (1.3.3)
    colored (1.2)
    cri (2.3.0)
      colored (>= 1.2)
    execjs (1.4.0)
      multi_json (~> 1.0)
    fssm (0.2.9)
    multi_json (1.3.6)
    nanoc (3.4.0)
      cri (~> 2.2)
    sass (3.1.20)

PLATFORMS
  ruby

DEPENDENCIES
  coffee-script
  fssm
  nanoc
  sass
